PATH
  remote: .
  specs:
    leap-motion-ws (0.0.3)
      json
      websocket

GEM
  remote: https://rubygems.org/
  specs:
    activesupport (3.2.13)
      i18n (= 0.6.1)
      multi_json (~> 1.0)
    i18n (0.6.1)
    json (1.7.7)
    json (1.7.7-java)
    multi_json (1.7.3)
    rake (10.0.4)
    rdoc (4.0.1)
      json (~> 1.4)
    shoulda (3.5.0)
      shoulda-context (~> 1.0, >= 1.0.1)
      shoulda-matchers (>= 1.4.1, < 3.0)
    shoulda-context (1.1.1)
    shoulda-matchers (2.1.0)
      activesupport (>= 3.0.0)
    websocket (1.0.7)

PLATFORMS
  java
  ruby

DEPENDENCIES
  bundler
  leap-motion-ws!
  rake
  rdoc
  shoulda
