PATH
  remote: .
  specs:
    leap-motion-ws (0.0.1)
      json
      websocket-eventmachine-client

GEM
  remote: https://rubygems.org/
  specs:
    activesupport (3.2.13)
      i18n (= 0.6.1)
      multi_json (~> 1.0)
    bourne (1.4.0)
      mocha (~> 0.13.2)
    eventmachine (1.0.3)
    i18n (0.6.1)
    json (1.7.7)
    metaclass (0.0.1)
    mocha (0.13.3)
      metaclass (~> 0.0.1)
    multi_json (1.7.3)
    rake (10.0.4)
    rdoc (4.0.1)
      json (~> 1.4)
    shoulda (3.4.0)
      shoulda-context (~> 1.0, >= 1.0.1)
      shoulda-matchers (~> 1.0, >= 1.4.1)
    shoulda-context (1.1.1)
    shoulda-matchers (1.5.6)
      activesupport (>= 3.0.0)
      bourne (~> 1.3)
    websocket (1.0.7)
    websocket-eventmachine-base (1.0.2)
      eventmachine (~> 1.0)
      websocket (~> 1.0)
      websocket-native (~> 1.0)
    websocket-eventmachine-client (1.0.1)
      websocket-eventmachine-base (~> 1.0)
    websocket-native (1.0.0)

PLATFORMS
  ruby

DEPENDENCIES
  bundler
  leap-motion-ws!
  rake
  rdoc
  shoulda
